PATH
  remote: .
  specs:
    pato-gpt (0.1.0)
      pastel
      tty-markdown
      tty-spinner

GEM
  remote: https://rubygems.org/
  specs:
    kramdown (2.4.0)
      rexml
    pastel (0.8.0)
      tty-color (~> 0.5)
    rexml (3.2.5)
    rouge (4.1.0)
    strings (0.2.1)
      strings-ansi (~> 0.2)
      unicode-display_width (>= 1.5, < 3.0)
      unicode_utils (~> 1.4)
    strings-ansi (0.2.0)
    tty-color (0.6.0)
    tty-cursor (0.7.1)
    tty-markdown (0.7.2)
      kramdown (>= 1.16.2, < 3.0)
      pastel (~> 0.8)
      rouge (>= 3.14, < 5.0)
      strings (~> 0.2.0)
      tty-color (~> 0.5)
      tty-screen (~> 0.8)
    tty-screen (0.8.1)
    tty-spinner (0.9.3)
      tty-cursor (~> 0.7)
    unicode-display_width (2.4.2)
    unicode_utils (1.4.0)

PLATFORMS
  ruby

DEPENDENCIES
  pato-gpt!

BUNDLED WITH
   2.1.4
